GEM
  remote: https://rubygems.org/
  specs:
    ansi (1.5.0)
    builder (3.2.4)
    concurrent-ruby (1.1.9)
    minitest (5.14.4)
    minitest-reporters (1.4.3)
      ansi
      builder
      minitest (>= 5.0)
      ruby-progressbar
    prettier (2.0.0)
    rake (13.0.6)
    ruby-progressbar (1.11.0)
    ruby_parser (3.16.0)
      sexp_processor (~> 4.15, >= 4.15.1)
    sexp_processor (4.15.3)

PLATFORMS
  ruby

DEPENDENCIES
  concurrent-ruby
  minitest
  minitest-reporters
  prettier
  rake
  ruby_parser

BUNDLED WITH
   2.2.32
